PATH
  remote: .
  specs:
    orange_sms_api (0.1.2)

GEM
  remote: https://rubygems.org/
  specs:
    faraday (0.15.4)
      multipart-post (>= 1.2, < 3)
    multipart-post (2.0.0)
    rake (13.0.1)

PLATFORMS
  ruby

DEPENDENCIES
  bundler (~> 2.0)
  faraday (~> 0.15.4)
  orange_sms_api!
  rake (~> 13.0)

BUNDLED WITH
   2.0.1
